PATH
  remote: .
  specs:
    undertexter (0.1.9)
      levenshteinish
      mimer_plus
      nokogiri
      rest-client

GEM
  remote: http://rubygems.org/
  specs:
    addressable (2.2.4)
    crack (0.1.8)
    diff-lcs (1.1.2)
    hintable_levenshtein (0.0.3)
    levenshteinish (0.0.3)
      hintable_levenshtein
    mime-types (1.16)
    mimer_plus (0.0.4)
    nokogiri (1.4.4)
    rest-client (1.6.1)
      mime-types (>= 1.16)
    rspec (2.4.0)
      rspec-core (~> 2.4.0)
      rspec-expectations (~> 2.4.0)
      rspec-mocks (~> 2.4.0)
    rspec-core (2.4.0)
    rspec-expectations (2.4.0)
      diff-lcs (~> 1.1.2)
    rspec-mocks (2.4.0)
    vcr (1.9.0)
    webmock (1.6.2)
      addressable (>= 2.2.2)
      crack (>= 0.1.7)

PLATFORMS
  ruby

DEPENDENCIES
  rspec (= 2.4.0)
  undertexter!
  vcr
  webmock
