PATH
  remote: .
  specs:
    undertexter (0.0.6)
      nokogiri
      rest-client

GEM
  remote: http://rubygems.org/
  specs:
    diff-lcs (1.1.2)
    mime-types (1.16)
    nokogiri (1.4.4)
    rest-client (1.6.1)
      mime-types (>= 1.16)
    rspec (2.4.0)
      rspec-core (~> 2.4.0)
      rspec-expectations (~> 2.4.0)
      rspec-mocks (~> 2.4.0)
    rspec-core (2.4.0)
    rspec-expectations (2.4.0)
      diff-lcs (~> 1.1.2)
    rspec-mocks (2.4.0)

PLATFORMS
  ruby

DEPENDENCIES
  nokogiri
  rest-client
  rspec
  undertexter!
